GEM
  remote: https://rubygems.org/
  specs:
    cinch (2.1.0)
    cinch-test (0.1.1)
      cinch (~> 2)
    diff-lcs (1.2.5)
    em-websocket (0.5.1)
      eventmachine (>= 0.12.9)
      http_parser.rb (~> 0.6.0)
    eventmachine (1.0.3)
    gemoji (2.1.0)
    http_parser.rb (0.6.0)
    rake (0.9.2.2)
    rspec (3.1.0)
      rspec-core (~> 3.1.0)
      rspec-expectations (~> 3.1.0)
      rspec-mocks (~> 3.1.0)
    rspec-core (3.1.7)
      rspec-support (~> 3.1.0)
    rspec-eventmachine (0.2.0)
      eventmachine (>= 0.12.0)
      rspec (>= 2.0, < 4.0)
    rspec-expectations (3.1.2)
      diff-lcs (>= 1.2.0, < 2.0)
      rspec-support (~> 3.1.0)
    rspec-mocks (3.1.3)
      rspec-support (~> 3.1.0)
    rspec-support (3.1.2)

PLATFORMS
  ruby

DEPENDENCIES
  cinch
  cinch-test
  em-websocket
  eventmachine
  gemoji
  rake
  rspec
  rspec-eventmachine
